GEM
  remote: https://rubygems.org/
  specs:
    debug (1.9.2)
      irb (~> 1.10)
      reline (>= 0.3.8)
    io-console (0.7.2)
    irb (1.13.1)
      rdoc (>= 4.0.0)
      reline (>= 0.4.2)
    psych (5.1.2)
      stringio
    rdbg (0.1.0)
      debug (>= 1.2.2)
    rdoc (6.7.0)
      psych (>= 4.0.0)
    reline (0.5.7)
      io-console (~> 0.5)
    stringio (3.1.0)

PLATFORMS
  arm64-darwin-23

DEPENDENCIES
  rdbg (~> 0.1.0)

BUNDLED WITH
   2.4.19
